PATH
  remote: .
  specs:
    gitrepo-status (0.2.3)
      awesome_print
      rugged

GEM
  remote: https://rubygems.org/
  specs:
    awesome_print (1.8.0)
    diff-lcs (1.3)
    rake (12.3.1)
    rspec (3.7.0)
      rspec-core (~> 3.7.0)
      rspec-expectations (~> 3.7.0)
      rspec-mocks (~> 3.7.0)
    rspec-core (3.7.1)
      rspec-support (~> 3.7.0)
    rspec-expectations (3.7.0)
      diff-lcs (>= 1.2.0, < 2.0)
      rspec-support (~> 3.7.0)
    rspec-mocks (3.7.0)
      diff-lcs (>= 1.2.0, < 2.0)
      rspec-support (~> 3.7.0)
    rspec-support (3.7.1)
    rugged (0.27.4)

PLATFORMS
  ruby

DEPENDENCIES
  bundler (~> 1.16)
  gitrepo-status!
  rake (~> 12.0)
  rspec (~> 3.7)

BUNDLED WITH
   1.16.4
